GEM
  remote: http://ruby.taobao.org/
  specs:
    htmlentities (4.3.1)
    mini_portile (0.5.1)
    nokogiri (1.6.0)
      mini_portile (~> 0.5.0)

PLATFORMS
  ruby

DEPENDENCIES
  htmlentities
  nokogiri
